GEM
  remote: https://rubygems.org/
  specs:
    archive-tar-minitar (0.5.2)
    arr-pm (0.0.12)
    backports (3.23.0)
    cabin (0.9.0)
    childprocess (4.1.0)
    clamp (1.0.1)
    dotenv (2.8.1)
    ffi (1.15.5)
    fpm (1.8.1)
      archive-tar-minitar (= 0.5.2)
      arr-pm (~> 0.0.10)
      backports (>= 2.6.2)
      cabin (>= 0.6.0)
      childprocess
      clamp (~> 1.0.0)
      ffi
      json (>= 1.7.7, < 2.0)
      pleaserun (~> 0.0.24)
      ruby-xz
    insist (1.0.0)
    json (1.8.6)
    mustache (0.99.8)
    pleaserun (0.0.32)
      cabin (> 0)
      clamp
      dotenv
      insist
      mustache (= 0.99.8)
      stud
    ruby-xz (1.0.3)
    stud (0.0.23)

PLATFORMS
  ruby

DEPENDENCIES
  fpm (~> 1.8.0)

BUNDLED WITH
   1.17.3
